GEM
  remote: https://rubygems.org/
  specs:
    coderay (1.0.9)
    github-markdown (0.5.3)
    guard (1.6.2)
      listen (>= 0.6.0)
      lumberjack (>= 1.0.2)
      pry (>= 0.9.10)
      terminal-table (>= 1.4.3)
      thor (>= 0.14.6)
    guard-rake (0.0.7)
      guard
      rake
    listen (0.7.3)
    lumberjack (1.0.2)
    method_source (0.8.1)
    pdfkit (0.5.3)
    pry (0.9.12)
      coderay (~> 1.0.5)
      method_source (~> 0.8)
      slop (~> 3.4)
    rake (0.9.6)
    redcarpet (3.4.0)
    slim (1.3.6)
      temple (~> 0.5.5)
      tilt (~> 1.3.3)
    slop (3.4.3)
    temple (0.5.5)
    terminal-table (1.4.5)
    thor (0.17.0)
    tilt (1.3.4)

PLATFORMS
  ruby

DEPENDENCIES
  github-markdown
  guard-rake
  pdfkit
  rake
  redcarpet
  slim

BUNDLED WITH
   1.15.1
